GIT
  remote: git://github.com/omise/omise-ruby.git
  revision: bffaa7fa4aeb8edb8dc9213d790c70cba792116b
  specs:
    omise (0.5.0)
      json (~> 1.8.1)
      rest-client (~> 1.8.0)

GEM
  remote: https://rubygems.org/
  specs:
    backports (3.6.8)
    domain_name (0.5.20161129)
      unf (>= 0.0.5, < 1.0.0)
    dotenv (2.1.2)
    http-cookie (1.0.3)
      domain_name (~> 0.5)
    json (1.8.6)
    mime-types (2.99.3)
    multi_json (1.12.1)
    netrc (0.11.0)
    rack (1.6.5)
    rack-protection (1.5.3)
      rack
    rack-test (0.6.3)
      rack (>= 1.0)
    rest-client (1.8.0)
      http-cookie (>= 1.0.2, < 2.0)
      mime-types (>= 1.16, < 3.0)
      netrc (~> 0.7)
    sinatra (1.4.7)
      rack (~> 1.5)
      rack-protection (~> 1.4)
      tilt (>= 1.3, < 3)
    sinatra-contrib (1.4.7)
      backports (>= 2.0)
      multi_json
      rack-protection
      rack-test
      sinatra (~> 1.4.0)
      tilt (>= 1.3, < 3)
    tilt (2.0.5)
    unf (0.1.4)
      unf_ext
    unf_ext (0.0.7.2)

PLATFORMS
  ruby

DEPENDENCIES
  dotenv
  json
  omise!
  sinatra
  sinatra-contrib

BUNDLED WITH
   1.13.6
